GEM
  remote: https://rubygems.org/
  specs:
    rb-scpt (1.0.1)
    serialport (1.3.1)

PLATFORMS
  ruby

DEPENDENCIES
  rb-scpt (~> 1.0, >= 1.0.1)
  serialport (~> 1.3, >= 1.3.1)

RUBY VERSION
   ruby 2.2.4p230

BUNDLED WITH
   1.12.5
